PATH
  remote: .
  specs:
    translation (0.1)
      gettext (> 3.0.0)

GEM
  remote: https://rubygems.org/
  specs:
    diff-lcs (1.2.5)
    gettext (3.1.2)
      locale (>= 2.0.5)
      text
    locale (2.1.0)
    rake (10.3.1)
    rspec (2.14.1)
      rspec-core (~> 2.14.0)
      rspec-expectations (~> 2.14.0)
      rspec-mocks (~> 2.14.0)
    rspec-core (2.14.8)
    rspec-expectations (2.14.5)
      diff-lcs (>= 1.1.3, < 2.0)
    rspec-mocks (2.14.6)
    text (1.2.3)

PLATFORMS
  ruby

DEPENDENCIES
  rake
  rspec
  translation!
